GEM
  remote: https://rubygems.org/
  specs:
    byebug (9.0.6)
    ethon (0.10.1)
      ffi (>= 1.3.0)
    ffi (1.9.18)
    httparty (0.14.0)
      multi_xml (>= 0.5.2)
    jwt (1.5.6)
    multi_xml (0.6.0)
    openssl (2.0.3)
    typhoeus (1.1.2)
      ethon (>= 0.9.0)

PLATFORMS
  ruby

DEPENDENCIES
  byebug
  httparty
  jwt
  openssl
  typhoeus

BUNDLED WITH
   1.14.6
